GEM
  remote: https://rubygems.org/
  specs:
    colorize (0.8.1)
    httparty (0.17.3)
      mime-types (~> 3.0)
      multi_xml (>= 0.5.2)
    json (2.3.0)
    mime-types (3.3.1)
      mime-types-data (~> 3.2015)
    mime-types-data (3.2019.1009)
    minitest (5.14.0)
    multi_xml (0.6.0)

PLATFORMS
  ruby

DEPENDENCIES
  colorize
  httparty
  json
  minitest

BUNDLED WITH
   1.16.0.pre.3
