GEM
  remote: https://rubygems.org/
  specs:
    colorize (0.8.1)
    httparty (0.21.0)
      mini_mime (>= 1.0.0)
      multi_xml (>= 0.5.2)
    json (2.3.0)
    mini_mime (1.1.2)
    minitest (5.14.0)
    multi_xml (0.6.0)

PLATFORMS
  ruby

DEPENDENCIES
  colorize
  httparty
  json
  minitest

BUNDLED WITH
   1.16.0.pre.3
